GEM
  remote: http://rubygems.org/
  specs:
    coderay (1.1.3)
    ffi (1.15.3-java)
    listen (3.6.0)
      rb-fsevent (~> 0.10, >= 0.10.3)
      rb-inotify (~> 0.9, >= 0.9.10)
    method_source (0.9.2)
    paint (2.2.1)
    pry (0.12.2-java)
      coderay (~> 1.1.0)
      method_source (~> 0.9.0)
      spoon (~> 0.0)
    pry-nav (0.3.0)
      pry (>= 0.9.10, < 0.13.0)
    rb-fsevent (0.11.0)
    rb-inotify (0.10.1)
      ffi (~> 1.0)
    spoon (0.0.6)
      ffi

PLATFORMS
  universal-java-1.8

DEPENDENCIES
  listen (~> 3.6)
  paint
  pry
  pry-nav

BUNDLED WITH
   2.2.33
